GEM
  remote: https://rubygems.org/
  specs:
    jekyll-tagging (1.1.0)
      nuggets
    liquid (4.0.3)
    liquid-md5 (0.0.3)
      liquid (>= 2.5, < 5.0)
    nuggets (1.6.0)

PLATFORMS
  ruby
  x64-mingw32
  x86_64-linux

DEPENDENCIES
  jekyll-tagging
  liquid-md5

BUNDLED WITH
   2.0.2
